GEM
  remote: http://rubygems.org/
  specs:
    addressable (2.2.6)
    data_objects (0.10.6)
      addressable (~> 2.1)
    dm-core (1.1.0)
      addressable (~> 2.2.4)
    dm-do-adapter (1.1.0)
      data_objects (~> 0.10.2)
      dm-core (~> 1.1.0)
    dm-migrations (1.1.0)
      dm-core (~> 1.1.0)
    dm-sqlite-adapter (1.1.0)
      dm-do-adapter (~> 1.1.0)
      do_sqlite3 (~> 0.10.2)
    do_jdbc (0.10.6-java)
      data_objects (= 0.10.6)
    do_sqlite3 (0.10.6-java)
      data_objects (= 0.10.6)
      do_jdbc (= 0.10.6)
      jdbc-sqlite3 (>= 3.5.8)
    git (1.2.5)
    jdbc-sqlite3 (3.6.14.2.056-java)
    jeweler (1.5.2)
      bundler (~> 1.0.0)
      git (>= 1.2.5)
      rake
    rake (0.8.7)
    rspec (1.3.0)

PLATFORMS
  java

DEPENDENCIES
  dm-core (~> 1.1.0)
  dm-migrations (~> 1.1.0)
  dm-sqlite-adapter (~> 1.1.0)
  jeweler (= 1.5.2)
  rake (= 0.8.7)
  rspec (= 1.3.0)
