GEM
  remote: http://rubygems.org/
  specs:
    addressable (2.2.5)
    data_objects (0.10.5)
      addressable (~> 2.1)
    dm-core (1.0.2)
      addressable (~> 2.2)
      extlib (~> 0.9.15)
    dm-do-adapter (1.0.2)
      data_objects (~> 0.10.2)
      dm-core (~> 1.0.2)
    dm-migrations (1.0.2)
      dm-core (~> 1.0.2)
    dm-sqlite-adapter (1.0.2)
      dm-do-adapter (~> 1.0.2)
      do_sqlite3 (~> 0.10.2)
    do_jdbc (0.10.5-java)
      data_objects (= 0.10.5)
    do_sqlite3 (0.10.5-java)
      data_objects (= 0.10.5)
      do_jdbc (= 0.10.5)
      jdbc-sqlite3 (>= 3.5.8)
    extlib (0.9.15)
    git (1.2.5)
    jdbc-sqlite3 (3.6.14.2.056-java)
    jeweler (1.5.2)
      bundler (~> 1.0.0)
      git (>= 1.2.5)
      rake
    rake (0.8.7)
    rspec (1.3.0)

PLATFORMS
  java

DEPENDENCIES
  dm-core (~> 1.0.2)
  dm-migrations (~> 1.0.2)
  dm-sqlite-adapter (~> 1.0.2)
  jeweler (= 1.5.2)
  rake (= 0.8.7)
  rspec (= 1.3.0)
